GEM
  remote: https://rubygems.org/
  specs:
    googlecharts (1.6.12)
    json (2.1.0)
    mail (2.7.0)
      mini_mime (>= 0.1.1)
    mini_mime (1.0.0)
    sqlite3 (1.3.13-x64-mingw32)

PLATFORMS
  x64-mingw32

DEPENDENCIES
  googlecharts
  json
  mail
  sqlite3

BUNDLED WITH
   1.16.3
